STORAGE: NONE
NUGET
  remote: https://www.nuget.org/api/v2
    Fable.Core (3.0)
      FSharp.Core (>= 4.5.2) - restriction: >= netstandard2.0
    FSharp.Core (4.6.2) - restriction: >= netstandard2.0
